GEM
  remote: https://rubygems.org/
  specs:
    async (1.10.3)
      nio4r (~> 2.3)
      timers (~> 4.1)
    async-container (0.6.1)
      async (~> 1.0)
      async-io (~> 1.4)
    async-http (0.36.1)
      async (~> 1.6)
      async-io (~> 1.16)
      http-protocol (~> 0.8.0)
    async-io (1.16.1)
      async (~> 1.3)
    coderay (1.1.2)
    concurrent-ruby (1.0.5)
    diff-lcs (1.3)
    docile (1.3.1)
    falcon (0.19.0)
      async-container (~> 0.6.0)
      async-http (~> 0.36.0)
      async-io (~> 1.9)
      http-protocol (~> 0.8.0)
      localhost (~> 1.1)
      rack (>= 1.0)
      samovar (~> 1.3)
    ffi (1.9.25)
    formatador (0.2.5)
    guard (2.14.2)
      formatador (>= 0.2.4)
      listen (>= 2.7, < 4.0)
      lumberjack (>= 1.0.12, < 2.0)
      nenv (~> 0.1)
      notiffany (~> 0.0)
      pry (>= 0.9.12)
      shellany (~> 0.0)
      thor (>= 0.18.1)
    guard-compat (1.2.1)
    guard-falcon (0.8.5)
      falcon (~> 0.19.0)
      guard
      guard-compat (~> 1.2)
    guard-rspec (4.7.3)
      guard (~> 2.1)
      guard-compat (~> 1.1)
      rspec (>= 2.99.0, < 4.0)
    hitimes (1.3.0)
    http-accept (1.7.0)
    http-hpack (0.1.1)
    http-protocol (0.8.1)
      http-hpack (~> 0.1.0)
    json (2.1.0)
    listen (3.1.5)
      rb-fsevent (~> 0.9, >= 0.9.4)
      rb-inotify (~> 0.9, >= 0.9.7)
      ruby_dep (~> 1.2)
    localhost (1.1.4)
    lumberjack (1.0.13)
    mail (2.7.1)
      mini_mime (>= 0.1.1)
    mapping (1.1.1)
    method_source (0.9.0)
    mime-types (3.2.2)
      mime-types-data (~> 3.2015)
    mime-types-data (3.2018.0812)
    mini_mime (1.0.1)
    nenv (0.3.0)
    nio4r (2.3.1)
    notiffany (0.1.1)
      nenv (~> 0.1)
      shellany (~> 0.0)
    passenger (5.3.5)
      rack
      rake (>= 0.8.1)
    pry (0.11.3)
      coderay (~> 1.1.0)
      method_source (~> 0.9.0)
    rack (2.0.5)
    rack-freeze (1.2.0)
      rack (~> 2.0)
    rack-test (1.1.0)
      rack (>= 1.0, < 3)
    rainbow (2.2.2)
      rake
    rake (12.3.1)
    rake-compiler (1.0.5)
      rake
    rb-fsevent (0.10.3)
    rb-inotify (0.9.10)
      ffi (>= 0.5.0, < 2)
    rspec (3.8.0)
      rspec-core (~> 3.8.0)
      rspec-expectations (~> 3.8.0)
      rspec-mocks (~> 3.8.0)
    rspec-core (3.8.0)
      rspec-support (~> 3.8.0)
    rspec-expectations (3.8.2)
      diff-lcs (>= 1.2.0, < 2.0)
      rspec-support (~> 3.8.0)
    rspec-mocks (3.8.0)
      diff-lcs (>= 1.2.0, < 2.0)
      rspec-support (~> 3.8.0)
    rspec-support (3.8.0)
    ruby_dep (1.5.0)
    samovar (1.9.1)
      mapping (~> 1.0)
      rainbow (>= 2.0, < 4.0)
    shellany (0.0.1)
    simplecov (0.16.1)
      docile (~> 1.1)
      json (>= 1.8, < 3)
      simplecov-html (~> 0.10.0)
    simplecov-html (0.10.2)
    thor (0.20.0)
    timers (4.1.2)
      hitimes
    trenni (3.6.0)
      rake-compiler
    utopia (2.5.1)
      concurrent-ruby (~> 1.0)
      http-accept (~> 1.6)
      mail (~> 2.6)
      mime-types (~> 3.0)
      rack (~> 2.0)
      rainbow (~> 2.1)
      samovar (~> 1.2)
      trenni (~> 3.0)

PLATFORMS
  ruby

DEPENDENCIES
  bundler
  falcon
  guard-falcon
  guard-rspec
  passenger
  pry
  rack-freeze (~> 1.2)
  rack-test
  rake
  rspec
  simplecov
  utopia (~> 2.5.0)

RUBY VERSION
   ruby 2.5.1p57

BUNDLED WITH
   1.16.5
